GEM
  remote: http://rubygems.org/
  specs:
    RedCloth (4.1.9)
    actionmailer (2.3.11)
      actionpack (= 2.3.11)
    actionpack (2.3.11)
      activesupport (= 2.3.11)
      rack (~> 1.1.0)
    activerecord (2.3.11)
      activesupport (= 2.3.11)
    activeresource (2.3.11)
      activesupport (= 2.3.11)
    activesupport (2.3.11)
    authlogic (2.1.2)
      activesupport
    aws-s3 (0.6.2)
      builder
      mime-types
      xml-simple
    builder (3.0.0)
    configuration (1.2.0)
    factory_girl (1.2.3)
    haml (2.2.12)
    heroku (1.17.5)
      json (~> 1.4.6)
      launchy (~> 0.3.2)
      rest-client (>= 1.4.0, < 1.7.0)
    heroku-environment (0.0.1)
    json (1.4.6)
    launchy (0.3.7)
      configuration (>= 0.0.5)
      rake (>= 0.8.1)
    mime-types (1.16)
    mocha (0.9.8)
      rake
    paperclip (2.3.8)
      activerecord
      activesupport
    pg (0.10.1)
    rack (1.1.0)
    rack-canonical-host (0.0.1)
    rails (2.3.11)
      actionmailer (= 2.3.11)
      actionpack (= 2.3.11)
      activerecord (= 2.3.11)
      activeresource (= 2.3.11)
      activesupport (= 2.3.11)
      rake (>= 0.8.3)
    rake (0.8.7)
    rest-client (1.6.1)
      mime-types (>= 1.16)
    shoulda (2.10.2)
    xml-simple (1.0.12)

PLATFORMS
  ruby

DEPENDENCIES
  RedCloth
  authlogic
  aws-s3
  factory_girl
  haml
  heroku
  heroku-environment
  mocha
  paperclip
  pg
  rack-canonical-host
  rails (~> 2.3)
  shoulda
