GEM
  remote: http://rubygems.org/
  specs:
    RedCloth (4.1.9)
    actionmailer (2.3.8)
      actionpack (= 2.3.8)
    actionpack (2.3.8)
      activesupport (= 2.3.8)
      rack (~> 1.1.0)
    activerecord (2.3.8)
      activesupport (= 2.3.8)
    activeresource (2.3.8)
      activesupport (= 2.3.8)
    activesupport (2.3.8)
    authlogic (2.1.2)
      activesupport
    aws-s3 (0.6.2)
      builder
      mime-types
      xml-simple
    builder (3.0.0)
    factory_girl (1.2.3)
    fastercsv (1.5.0)
    haml (2.2.12)
    heroku-environment (0.0.1)
    mime-types (1.16)
    mocha (0.9.8)
      rake
    paperclip (2.3.1.1)
    pg (0.9.0)
    rack (1.1.0)
    rack-canonical-host (0.0.1)
    rails (2.3.8)
      actionmailer (= 2.3.8)
      actionpack (= 2.3.8)
      activerecord (= 2.3.8)
      activeresource (= 2.3.8)
      activesupport (= 2.3.8)
      rake (>= 0.8.3)
    rake (0.8.7)
    shoulda (2.10.2)
    xml-simple (1.0.12)

PLATFORMS
  ruby

DEPENDENCIES
  RedCloth (= 4.1.9)
  authlogic (= 2.1.2)
  aws-s3 (= 0.6.2)
  factory_girl (= 1.2.3)
  fastercsv (= 1.5.0)
  haml (= 2.2.12)
  heroku-environment (= 0.0.1)
  mocha (= 0.9.8)
  paperclip (= 2.3.1.1)
  pg (= 0.9.0)
  rack-canonical-host (= 0.0.1)
  rails (= 2.3.8)
  shoulda (= 2.10.2)
